GEM
  remote: https://rubygems.org/
  specs:
    sqlite3 (2.6.0-x86_64-linux-gnu)

PLATFORMS
  x86_64-linux

DEPENDENCIES
  sqlite3 (~> 2.6)

BUNDLED WITH
   2.2.17
